GIT
  remote: git@github.com:aenain/serialize-activerecord.git
  revision: 18a71edeffd9e38fe28fab45a2b0775210c6c5db
  specs:
    serialize-activerecord (0.0.1)
      activerecord (>= 3.0.0)
      ox

GIT
  remote: git@github.com:sge/sinatra-activerecord.git
  revision: b39aa1baee5503e3c21ff6887e2fd727516e6eb1
  branch: activerecord4
  specs:
    sinatra-activerecord (1.3.0.beta2)
      activerecord (> 3)
      sinatra (~> 1.0)

GEM
  remote: https://rubygems.org/
  specs:
    actionpack (4.0.0.rc1)
      activesupport (= 4.0.0.rc1)
      builder (~> 3.1.0)
      erubis (~> 2.7.0)
      rack (~> 1.5.2)
      rack-test (~> 0.6.2)
    activemodel (4.0.0.rc1)
      activesupport (= 4.0.0.rc1)
      builder (~> 3.1.0)
    activerecord (4.0.0.rc1)
      activemodel (= 4.0.0.rc1)
      activerecord-deprecated_finders (~> 1.0.2)
      activesupport (= 4.0.0.rc1)
      arel (~> 4.0.0)
    activerecord-deprecated_finders (1.0.2)
    activesupport (4.0.0.rc1)
      i18n (~> 0.6, >= 0.6.4)
      minitest (~> 4.2)
      multi_json (~> 1.3)
      thread_safe (~> 0.1)
      tzinfo (~> 0.3.37)
    arel (4.0.0)
    atomic (1.1.9)
    backports (3.3.1)
    builder (3.1.4)
    coderay (1.0.9)
    coffee-rails (4.0.0)
      coffee-script (>= 2.2.0)
      railties (>= 4.0.0.beta, < 5.0)
    coffee-script (2.2.0)
      coffee-script-source
      execjs
    coffee-script-source (1.6.2)
    columnize (0.3.6)
    debugger (1.6.0)
      columnize (>= 0.3.1)
      debugger-linecache (~> 1.2.0)
      debugger-ruby_core_source (~> 1.2.1)
    debugger-linecache (1.2.0)
    debugger-ruby_core_source (1.2.2)
    em-websocket (0.5.0)
      eventmachine (>= 0.12.9)
      http_parser.rb (~> 0.5.3)
    erubis (2.7.0)
    eventmachine (1.0.3)
    execjs (1.4.0)
      multi_json (~> 1.0)
    haml (4.0.3)
      tilt
    http_parser.rb (0.5.3)
    i18n (0.6.4)
    jsmin (1.0.1)
    jsonify (0.4.1)
      multi_json (~> 1.3)
    method_source (0.8.1)
    minitest (4.7.4)
    multi_json (1.7.4)
    nokogiri (1.5.9)
    ox (2.0.1)
    pg (0.15.1)
    pry (0.9.12.2)
      coderay (~> 1.0.5)
      method_source (~> 0.8)
      slop (~> 3.4)
    pry-debugger (0.2.2)
      debugger (~> 1.3)
      pry (~> 0.9.10)
    rack (1.5.2)
    rack-protection (1.5.0)
      rack
    rack-test (0.6.2)
      rack (>= 1.0)
    railties (4.0.0.rc1)
      actionpack (= 4.0.0.rc1)
      activesupport (= 4.0.0.rc1)
      rake (>= 0.8.7)
      thor (>= 0.18.1, < 2.0)
    rake (10.0.4)
    sass (3.2.9)
    sinatra (1.4.2)
      rack (~> 1.5, >= 1.5.2)
      rack-protection (~> 1.4)
      tilt (~> 1.3, >= 1.3.4)
    sinatra-assetpack (0.2.3)
      backports
      jsmin
      rack-test
      sinatra
      tilt (>= 1.3.0)
    sinatra-contrib (1.4.0)
      backports (>= 2.0)
      eventmachine
      rack-protection
      rack-test
      sinatra (~> 1.4.2)
      tilt (~> 1.3)
    slop (3.4.5)
    thor (0.18.1)
    thread_safe (0.1.0)
      atomic
    tilt (1.4.1)
    tzinfo (0.3.37)

PLATFORMS
  ruby

DEPENDENCIES
  activerecord (~> 4.0.0.rc1)
  activesupport (~> 4.0.0.rc1)
  coffee-rails (~> 4.0.0)
  em-websocket (~> 0.5.0)
  haml (~> 4.0.3)
  jsonify (~> 0.4.1)
  nokogiri
  pg (~> 0.15.1)
  pry-debugger
  rake (~> 10.0.4)
  sass (~> 3.2.9)
  serialize-activerecord!
  sinatra (~> 1.4.2)
  sinatra-activerecord (~> 1.3.0.beta2)!
  sinatra-assetpack (~> 0.2.2)
  sinatra-contrib (~> 1.4.0)
